GIT
  remote: https://github.com/datastax/ruby-driver.git
  revision: 4aa72e59f378b02c10150963d2c73a521e5fd35a
  specs:
    cassandra-driver (1.0.0.beta.2)
      ione (~> 1.2.0.pre4)

GEM
  remote: https://rubygems.org/
  specs:
    ione (1.2.0.pre4)

PLATFORMS
  ruby

DEPENDENCIES
  cassandra-driver!
